PATH
  remote: .
  specs:
    snowflake-migration (0.0.3)
      snowflake (>= 0.0.2)

GEM
  remote: http://rubygems.org/
  specs:
    activemodel (3.0.0.beta4)
      activesupport (= 3.0.0.beta4)
      builder (~> 2.1.2)
      i18n (~> 0.4.1)
    activesupport (3.0.0.beta4)
    builder (2.1.2)
    columnize (0.3.1)
    i18n (0.4.1)
    linecache (0.43)
    mocha (0.9.8)
      rake
    rake (0.8.7)
    rcov (0.9.8)
    redis (2.0.3)
    redis-namespace (0.7.0)
      redis (< 3.0.0)
    rspec (1.3.0)
    ruby-debug (0.10.3)
      columnize (>= 0.1)
      ruby-debug-base (~> 0.10.3.0)
    ruby-debug-base (0.10.3)
      linecache (>= 0.3)
    snowflake (0.0.5)
      activemodel (>= 3.0.0.beta4)
      activesupport (>= 3.0.0.beta4)
      redis (>= 2.0.3)
      redis-namespace (>= 0.7.0)
      tzinfo
      uuidtools (>= 2.1.1)
    tzinfo (0.3.22)
    uuidtools (2.1.1)
    yard (0.5.8)

PLATFORMS
  ruby

DEPENDENCIES
  mocha
  rake
  rcov
  rspec (= 1.3.0)
  ruby-debug
  snowflake-migration!
  yard
